GIT
  remote: git://github.com/ncbo/sparql-client.git
  revision: e1dfb143a3097066f81bfe13393ed93ec01c37ad
  branch: owlapi_upgrade_3.4.9
  specs:
    sparql-client (1.0.4.1)
      json_pure (>= 1.4)
      net-http-persistent (>= 1.4)
      rdf (>= 1.0)

PATH
  remote: .
  specs:
    goo (0.0.2)
      rdf (= 1.0.8)
      redis
      rest-client
      rsolr
      sparql-client
      uuid

GEM
  remote: https://rubygems.org/
  specs:
    activesupport (4.0.2)
      i18n (~> 0.6, >= 0.6.4)
      minitest (~> 4.2)
      multi_json (~> 1.3)
      thread_safe (~> 0.1)
      tzinfo (~> 0.3.37)
    addressable (2.3.5)
    atomic (1.1.14)
    builder (3.2.2)
    coderay (1.1.0)
    cube-ruby (0.0.3)
    daemons (1.1.9)
    docile (1.1.2)
    eventmachine (1.0.3)
    i18n (0.6.9)
    json_pure (1.8.1)
    macaddr (1.6.1)
      systemu (~> 2.5.0)
    method_source (0.8.2)
    mime-types (2.0)
    minitest (4.7.5)
    multi_json (1.8.4)
    net-http-persistent (2.9)
    pry (0.9.12.4)
      coderay (~> 1.0)
      method_source (~> 0.8)
      slop (~> 3.4)
    rack (1.5.2)
    rack-accept (0.4.5)
      rack (>= 0.4)
    rack-post-body-to-params (0.1.8)
      activesupport (>= 2.3)
    rack-protection (1.5.1)
      rack
    rake (10.1.1)
    rdf (1.0.8)
      addressable (>= 2.2)
    redis (3.0.6)
    rest-client (1.6.7)
      mime-types (>= 1.16)
    rsolr (1.0.9)
      builder (>= 2.1.2)
    simplecov (0.8.2)
      docile (~> 1.1.0)
      multi_json
      simplecov-html (~> 0.8.0)
    simplecov-html (0.8.0)
    sinatra (1.4.4)
      rack (~> 1.4)
      rack-protection (~> 1.4)
      tilt (~> 1.3, >= 1.3.4)
    slop (3.4.7)
    systemu (2.5.2)
    thin (1.6.1)
      daemons (>= 1.0.9)
      eventmachine (>= 1.0.0)
      rack (>= 1.0.0)
    thread_safe (0.1.3)
      atomic
    tilt (1.4.1)
    tzinfo (0.3.38)
    uuid (2.3.7)
      macaddr (~> 1.0)

PLATFORMS
  ruby

DEPENDENCIES
  activesupport
  cube-ruby
  goo!
  minitest (< 5.0)
  pry
  rack-accept
  rack-post-body-to-params
  rake
  simplecov
  sinatra
  sparql-client!
  thin
  uuid
